GIT
  remote: https://github.com/colinyoung/rake_running.git
  revision: 12d47fe692ffb8cc4112ec25c6b0a9595123c3c3
  ref: 12d47fe692ffb8cc4112ec25c6b0a9595123c3c3
  specs:
    rake_running (0.0.1)
      rake

GIT
  remote: https://github.com/floomoon/omniauth-mailchimp.git
  revision: 239e08d3297cf637b5b0b77b419fdc8461239378
  ref: 239e08d3297cf637b5b0b77b419fdc8461239378
  specs:
    omniauth-mailchimp (1.0.3)
      omniauth (~> 1.0)
      omniauth-oauth2

GIT
  remote: https://github.com/stefanpenner/country_select.git
  revision: 79755038ca61dafdfebf4c55346d4a2085f98479
  ref: 79755038ca61dafdfebf4c55346d4a2085f98479
  specs:
    country_select (2.1.0)
      countries (~> 0.9, >= 0.9.3)

GEM
  remote: https://rubygems.org/
  specs:
    abanalyzer (0.1.0)
      statistics2 (>= 0.54)
    actionmailer (4.1.16)
      actionpack (= 4.1.16)
      actionview (= 4.1.16)
      mail (~> 2.5, >= 2.5.4)
    actionpack (4.1.16)
      actionview (= 4.1.16)
      activesupport (= 4.1.16)
      rack (~> 1.5.2)
      rack-test (~> 0.6.2)
    actionview (4.1.16)
      activesupport (= 4.1.16)
      builder (~> 3.1)
      erubis (~> 2.7.0)
    active_campaign (0.1.14)
      httpi
      multi_json
    active_hash (1.4.1)
      activesupport (>= 2.2.2)
    active_link_to (1.0.2)
      actionpack
    active_model_serializers (0.9.6)
      activemodel (>= 3.2)
    active_utils (2.2.3)
      activesupport (>= 2.3.11)
      i18n
    activemerchant (1.44.1)
      active_utils (~> 2.2.0)
      activesupport (>= 3.2.14, < 5.0.0)
      builder (>= 2.1.2, < 4.0.0)
      i18n (>= 0.6.9)
      json (~> 1.7)
      nokogiri (~> 1.4)
      offsite_payments (~> 2.0.0)
    activemodel (4.1.16)
      activesupport (= 4.1.16)
      builder (~> 3.1)
    activerecord (4.1.16)
      activemodel (= 4.1.16)
      activesupport (= 4.1.16)
      arel (~> 5.0.0)
    activesupport (4.1.16)
      i18n (~> 0.6, >= 0.6.9)
      json (~> 1.7, >= 1.7.7)
      minitest (~> 5.1)
      thread_safe (~> 0.1)
      tzinfo (~> 1.1)
    addressable (2.3.8)
    airbrussh (1.1.2)
      sshkit (>= 1.6.1, != 1.7.0)
    arel (5.0.1.20140414130214)
    ast (2.3.0)
    avatar (0.2.0)
    aweber (1.6.1)
      json
      oauth
    aws-sdk (1.66.0)
      aws-sdk-v1 (= 1.66.0)
    aws-sdk-v1 (1.66.0)
      json (~> 1.4)
      nokogiri (>= 1.4.4)
    babel-source (5.8.35)
    babel-transpiler (0.7.0)
      babel-source (>= 4.0, < 6)
      execjs (~> 2.0)
    bcrypt (3.1.7)
    better_errors (1.1.0)
      coderay (>= 1.0.0)
      erubis (>= 2.6.6)
    binding_of_caller (0.7.2)
      debug_inspector (>= 0.0.1)
    bootstrap-sass (3.1.1.1)
      sass (~> 3.2)
    bourbon (3.2.3)
      sass (~> 3.2)
      thor
    brakeman (3.4.1)
    builder (3.2.3)
    capistrano (3.6.1)
      airbrussh (>= 1.0.0)
      capistrano-harrow
      i18n
      rake (>= 10.0.0)
      sshkit (>= 1.9.0)
    capistrano-bundler (1.1.4)
      capistrano (~> 3.1)
      sshkit (~> 1.2)
    capistrano-harrow (0.5.3)
    capistrano-rails (1.2.3)
      capistrano (~> 3.1)
      capistrano-bundler (~> 1.1)
    capybara (2.12.0)
      addressable
      mime-types (>= 1.16)
      nokogiri (>= 1.3.3)
      rack (>= 1.0.0)
      rack-test (>= 0.5.4)
      xpath (~> 2.0)
    capybara-webkit (1.12.0)
      capybara (>= 2.3.0, < 2.13.0)
      json
    capybara_discoball (0.0.2)
      capybara (~> 2.7)
    celluloid (0.16.0)
      timers (~> 4.0.0)
    chronic (0.10.2)
    chunky_png (1.3.6)
    climate_control (0.0.3)
      activesupport (>= 3.0)
    cocaine (0.5.7)
      climate_control (>= 0.0.3, < 1.0)
    coderay (1.1.0)
    coffee-rails (4.0.1)
      coffee-script (>= 2.2.0)
      railties (>= 4.0.0, < 5.0)
    coffee-script (2.2.0)
      coffee-script-source
      execjs
    coffee-script-source (1.7.0)
    concurrent-ruby (1.0.5)
    constantcontact (1.1.2)
      json (~> 1.8, >= 1.8.1)
      mime-types (~> 1.25, >= 1.25.1)
      rest-client (~> 1.6, >= 1.6.7)
    countries (0.9.3)
      currencies (~> 0.4.2)
    crack (0.4.3)
      safe_yaml (~> 1.0.0)
    createsend (3.4.0)
      hashie (>= 1.2, < 3)
      httparty (~> 0.10)
      json
    css_parser (1.4.10)
      addressable
    currencies (0.4.2)
    daemons (1.2.3)
    dalli (2.7.2)
    database_cleaner (1.5.3)
    debug_inspector (0.0.2)
    devise (3.2.4)
      bcrypt (~> 3.0)
      orm_adapter (~> 0.1)
      railties (>= 3.2.6, < 5)
      thread_safe (~> 0.1)
      warden (~> 1.2.3)
    diff-lcs (1.3)
    docile (1.1.5)
    drip-ruby (0.0.10)
      faraday (~> 0.9)
      faraday_middleware (~> 0.9)
    elif (0.1.0)
    erubis (2.7.0)
    eventmachine (1.2.0.1)
    excon (0.36.0)
    execjs (2.7.0)
    factory_girl (4.8.0)
      activesupport (>= 3.0.0)
    factory_girl_rails (4.8.0)
      factory_girl (~> 4.8.0)
      railties (>= 3.0.0)
    faraday (0.9.2)
      multipart-post (>= 1.2, < 3)
    faraday_middleware (0.11.0.1)
      faraday (>= 0.7.4, < 1.0)
    ffi (1.9.14)
    figaro (1.0.0)
      thor (~> 0.14)
    fog (1.22.1)
      fog-brightbox
      fog-core (~> 1.22)
      fog-json
      ipaddress (~> 0.5)
      nokogiri (~> 1.5, >= 1.5.11)
    fog-brightbox (0.0.2)
      fog-core
      fog-json
    fog-core (1.22.0)
      builder
      excon (~> 0.33)
      formatador (~> 0.2)
      mime-types
      net-scp (~> 1.1)
      net-ssh (>= 2.1.3)
    fog-json (1.0.0)
      multi_json (~> 1.0)
    fontcustom (1.3.8)
      json (~> 1.4)
      listen (>= 1.0, < 3.0)
      thor (~> 0.14)
    formatador (0.2.5)
    gibbon (2.2.4)
      faraday (>= 0.9.1)
      multi_json (>= 1.11.0)
    google-api-client (0.9.8)
      addressable (~> 2.3)
      googleauth (~> 0.5)
      httpclient (~> 2.7)
      hurley (~> 0.1)
      memoist (~> 0.11)
      mime-types (>= 1.6)
      representable (~> 2.3.0)
      retriable (~> 2.0)
      thor (~> 0.19)
    googleauth (0.5.1)
      faraday (~> 0.9)
      jwt (~> 1.4)
      logging (~> 2.0)
      memoist (~> 0.12)
      multi_json (~> 1.11)
      os (~> 0.9)
      signet (~> 0.7)
    handlebars_assets (0.23.1)
      execjs (~> 2.0)
      multi_json (~> 1.0)
      sprockets (>= 2.0.0)
      tilt (>= 1.2)
    hashie (2.1.2)
    hitimes (1.2.4)
    hound-tools (0.0.6)
      rubocop (~> 0.25)
      thor
    httparty (0.14.0)
      multi_xml (>= 0.5.2)
    httpclient (2.8.0)
    httpi (2.4.2)
      rack
      socksify
    hurley (0.2)
    i18n (0.7.0.beta1)
    infusionsoft (1.1.9)
    ipaddress (0.8.0)
    jquery-rails (3.1.0)
      railties (>= 3.0, < 5.0)
      thor (>= 0.14, < 2.0)
    json (1.8.6)
    jwt (1.5.4)
    kaminari (0.15.1)
      actionpack (>= 3.0.0)
      activesupport (>= 3.0.0)
    less_interactions (0.0.15)
    libv8 (5.3.332.38.5)
    listen (2.10.1)
      celluloid (~> 0.16.0)
      rb-fsevent (>= 0.9.3)
      rb-inotify (>= 0.9)
    little-plugger (1.1.4)
    logging (2.1.0)
      little-plugger (~> 1.1)
      multi_json (~> 1.10)
    logglier (0.2.11)
    loofah (2.0.3)
      nokogiri (>= 1.5.9)
    madmimi (1.1.2)
      activesupport (> 3.0.0)
      crack (> 0.1.7)
      httparty (>= 0.13.1)
    mail (2.6.4)
      mime-types (>= 1.16, < 4)
    memoist (0.14.0)
    method_source (0.8.2)
    mime-types (1.25.1)
    mimemagic (0.3.0)
    mini_portile2 (2.1.0)
    mini_racer (0.1.8)
      libv8 (~> 5.3)
    minitest (5.10.1)
    money (6.3.0)
      i18n (>= 0.6.4, <= 0.7.0.dev)
    multi_json (1.12.1)
    multi_xml (0.6.0)
    multipart-post (2.0.0)
    mustache (1.0.5)
    mysql2 (0.3.21)
    net-scp (1.2.1)
      net-ssh (>= 2.6.5)
    net-ssh (4.1.0)
    nokogiri (1.7.1)
      mini_portile2 (~> 2.1.0)
    oauth (0.4.7)
    oauth2 (1.0.0)
      faraday (>= 0.8, < 0.10)
      jwt (~> 1.0)
      multi_json (~> 1.3)
      multi_xml (~> 0.5)
      rack (~> 1.2)
    offsite_payments (2.0.1)
      active_utils (~> 2.2.0)
      activesupport (>= 3.2.14, < 5.0.0)
      builder (>= 2.1.2, < 4.0.0)
      i18n (~> 0.5)
      json (~> 1.7)
      money (< 7.0.0)
      nokogiri (~> 1.4)
    oj (2.18.5)
    oj_mimic_json (1.0.1)
    omniauth (1.2.2)
      hashie (>= 1.2, < 4)
      rack (~> 1.0)
    omniauth-aweber (1.0.0)
      omniauth-oauth (~> 1.0)
    omniauth-constantcontact2 (1.0.4)
      multi_json (~> 1.0)
      multi_xml
      omniauth (~> 1.0)
      omniauth-oauth2 (~> 1.0)
    omniauth-createsend (1.0.2)
      omniauth-oauth2 (~> 1.1)
    omniauth-google-oauth2 (0.2.6)
      omniauth (> 1.0)
      omniauth-oauth2 (~> 1.1)
    omniauth-oauth (1.0.1)
      oauth
      omniauth (~> 1.0)
    omniauth-oauth2 (1.2.0)
      faraday (>= 0.8, < 0.10)
      multi_json (~> 1.3)
      oauth2 (~> 1.0)
      omniauth (~> 1.2)
    omniauth-verticalresponse (1.0.0)
      omniauth-oauth (~> 1.0)
    orm_adapter (0.5.0)
    os (0.9.6)
    paperclip (4.3.1)
      activemodel (>= 3.2.0)
      activesupport (>= 3.2.0)
      cocaine (~> 0.5.5)
      mime-types
      mimemagic (= 0.3.0)
    paranoia (2.0.2)
      activerecord (~> 4.0)
    parser (2.4.0.0)
      ast (~> 2.2)
    phantomjs (2.1.1.0)
    php-serialize (1.1.0)
    phpass-ruby (0.1.2)
    pony (1.8)
      mail (>= 2.0)
    powerpack (0.1.1)
    pry (0.9.12.6)
      coderay (~> 1.0)
      method_source (~> 0.8)
      slop (~> 3.4)
    pry-doc (0.10.0)
      pry (~> 0.9)
      yard (~> 0.9)
    pry-nav (0.2.4)
      pry (>= 0.9.10, < 0.11.0)
    psych (2.2.4)
    public_suffix (1.5.1)
    rack (1.5.5)
    rack-protection (1.5.3)
      rack
    rack-ssl-enforcer (0.2.8)
    rack-test (0.6.3)
      rack (>= 1.0)
    rails (4.1.16)
      actionmailer (= 4.1.16)
      actionpack (= 4.1.16)
      actionview (= 4.1.16)
      activemodel (= 4.1.16)
      activerecord (= 4.1.16)
      activesupport (= 4.1.16)
      bundler (>= 1.3.0, < 2.0)
      railties (= 4.1.16)
      sprockets-rails (~> 2.0)
    rails-html-sanitizer (1.0.3)
      loofah (~> 2.0)
    railties (4.1.16)
      actionpack (= 4.1.16)
      activesupport (= 4.1.16)
      rake (>= 0.8.7)
      thor (>= 0.18.1, < 2.0)
    rainbow (2.2.1)
    rake (10.3.2)
    rb-fsevent (0.9.7)
    rb-inotify (0.9.7)
      ffi (>= 0.5.0)
    recaptcha (0.3.6)
    render_anywhere (0.0.9)
      rails (>= 3.0.7)
    representable (2.3.0)
      uber (~> 0.0.7)
    rest-client (1.6.7)
      mime-types (>= 1.16)
    retriable (2.1.0)
    roadie (3.2.1)
      css_parser (~> 1.4.5)
      nokogiri (>= 1.5.0, < 1.8.0)
    roadie-rails (1.1.1)
      railties (>= 3.0, < 5.1)
      roadie (~> 3.1)
    rotp (3.1.0)
    rqrcode (0.10.1)
      chunky_png (~> 1.0)
    rspec-core (3.5.4)
      rspec-support (~> 3.5.0)
    rspec-expectations (3.5.0)
      diff-lcs (>= 1.2.0, < 2.0)
      rspec-support (~> 3.5.0)
    rspec-mocks (3.5.0)
      diff-lcs (>= 1.2.0, < 2.0)
      rspec-support (~> 3.5.0)
    rspec-rails (3.5.2)
      actionpack (>= 3.0)
      activesupport (>= 3.0)
      railties (>= 3.0)
      rspec-core (~> 3.5.0)
      rspec-expectations (~> 3.5.0)
      rspec-mocks (~> 3.5.0)
      rspec-support (~> 3.5.0)
    rspec-retry (0.5.3)
      rspec-core (> 3.3, < 3.6)
    rspec-support (3.5.0)
    rspec_junit_formatter (0.2.3)
      builder (< 4)
      rspec-core (>= 2, < 4, != 2.12.0)
    rubocop (0.47.1)
      parser (>= 2.3.3.1, < 3.0)
      powerpack (~> 0.1)
      rainbow (>= 1.99.1, < 3.0)
      ruby-progressbar (~> 1.7)
      unicode-display_width (~> 1.0, >= 1.0.1)
    ruby-hmac (0.4.0)
    ruby-progressbar (1.8.1)
    rubyzip (1.2.0)
    safe_yaml (1.0.4)
    sass (3.4.23)
    sassc (1.11.2)
      bundler
      ffi (~> 1.9.6)
      sass (>= 3.3.0)
    sassc-rails (1.3.0)
      railties (>= 4.0.0)
      sass
      sassc (~> 1.9)
      sprockets (> 2.11)
      sprockets-rails
      tilt
    sentry-raven (2.4.0)
      faraday (>= 0.7.6, < 1.0)
    shoulda-matchers (3.1.1)
      activesupport (>= 4.0.0)
    signet (0.7.2)
      addressable (~> 2.3)
      faraday (~> 0.9)
      jwt (~> 1.5)
      multi_json (~> 1.10)
    simple_form (3.1.1)
      actionpack (~> 4.0)
      activemodel (~> 4.0)
    simplecov (0.14.1)
      docile (~> 1.1.0)
      json (>= 1.8, < 3)
      simplecov-html (~> 0.10.0)
    simplecov-html (0.10.0)
    sinatra (1.4.5)
      rack (~> 1.4)
      rack-protection (~> 1.4)
      tilt (~> 1.3, >= 1.3.4)
    slackistrano (3.1.0)
      capistrano (>= 3.5.0)
    slim (3.0.7)
      temple (~> 0.7.6)
      tilt (>= 1.3.3, < 2.1)
    slim-rails (3.1.2)
      actionpack (>= 3.1)
      railties (>= 3.1)
      slim (~> 3.0)
    slop (3.5.0)
    socksify (1.7.0)
    spring (1.7.2)
    spring-commands-rspec (1.0.4)
      spring (>= 0.9.1)
    sprockets (3.7.1)
      concurrent-ruby (~> 1.0)
      rack (> 1, < 3)
    sprockets-es6 (0.9.2)
      babel-source (>= 5.8.11)
      babel-transpiler
      sprockets (>= 3.0.0)
    sprockets-rails (2.3.3)
      actionpack (>= 3.0)
      activesupport (>= 3.0)
      sprockets (>= 2.8, < 4.0)
    sshkit (1.12.0)
      net-scp (>= 1.1.2)
      net-ssh (>= 2.8.0)
    statistics2 (0.54)
    teaspoon (1.1.5)
      railties (>= 3.2.5, < 6)
    teaspoon-jasmine (2.3.4)
      teaspoon (>= 1.0.0)
    temple (0.7.7)
    thin (1.6.4)
      daemons (~> 1.0, >= 1.0.9)
      eventmachine (~> 1.0, >= 1.0.4)
      rack (~> 1.0)
    thor (0.19.4)
    thread (0.2.2)
    thread_safe (0.3.6)
    tilt (1.4.1)
    timecop (0.7.1)
    timers (4.0.4)
      hitimes
    tzinfo (1.2.3)
      thread_safe (~> 0.1)
    uber (0.0.15)
    uglifier (3.1.7)
      execjs (>= 0.3.0, < 3)
    unf (0.1.4)
      unf_ext
    unf_ext (0.0.6)
    unicode-display_width (1.1.3)
    vcr (2.9.0)
    verticalresponse (0.1.6)
    warden (1.2.3)
      rack (>= 1.0)
    webmock (1.18.0)
      addressable (>= 2.3.6)
      crack (>= 0.3.2)
    whenever (0.9.2)
      activesupport (>= 2.3.4)
      chronic (>= 0.6.3)
    wicked_pdf (1.1.0)
    wkhtmltopdf-binary (0.12.3.1)
    xpath (2.0.0)
      nokogiri (~> 1.3)
    yard (0.9.8)
    zip-zip (0.3)
      rubyzip (>= 1.0.0)

PLATFORMS
  ruby

DEPENDENCIES
  abanalyzer
  active_campaign (~> 0.1.14)
  active_hash
  active_link_to
  active_model_serializers
  activemerchant (~> 1.44.1)
  addressable
  avatar
  aweber
  aws-sdk
  better_errors
  binding_of_caller
  bootstrap-sass (~> 3.1.1)
  bourbon (~> 3.2.0)
  brakeman
  capistrano
  capistrano-bundler
  capistrano-rails
  capybara
  capybara-webkit
  capybara_discoball
  coffee-rails
  constantcontact
  countries
  country_select!
  createsend
  dalli
  database_cleaner
  devise
  drip-ruby
  elif
  factory_girl_rails
  figaro
  fog
  fontcustom
  gibbon
  google-api-client
  handlebars_assets
  hashie
  hound-tools
  infusionsoft
  jquery-rails
  jwt
  kaminari
  less_interactions
  logglier
  madmimi
  mini_racer
  mustache
  mysql2 (~> 0.3.18)
  nokogiri
  oj
  oj_mimic_json
  omniauth (~> 1.0)
  omniauth-aweber (~> 1.0)
  omniauth-constantcontact2 (~> 1.0)
  omniauth-createsend (~> 1.0)
  omniauth-google-oauth2 (~> 0.2.6)
  omniauth-mailchimp!
  omniauth-verticalresponse (~> 1.0.0)
  paperclip
  paranoia
  phantomjs
  php-serialize
  phpass-ruby
  pony
  pry
  pry-doc
  pry-nav
  psych
  public_suffix
  rack-ssl-enforcer
  rails (~> 4.1.16)
  rails-html-sanitizer
  rake (~> 10.3.2)
  rake_running!
  recaptcha
  render_anywhere
  roadie-rails
  rotp
  rqrcode
  rspec-rails (~> 3.5)
  rspec-retry
  rspec_junit_formatter
  rubocop
  ruby-hmac
  rubyzip
  sassc-rails
  sentry-raven
  shoulda-matchers
  signet
  simple_form
  simplecov
  sinatra
  slackistrano
  slim-rails
  spring
  spring-commands-rspec
  sprockets
  sprockets-es6
  teaspoon-jasmine
  thin (~> 1.6.4)
  thread
  timecop
  tzinfo-data
  uglifier
  unf
  vcr
  verticalresponse
  webmock
  whenever
  wicked_pdf
  wkhtmltopdf-binary
  zip-zip

BUNDLED WITH
   1.13.7
