GIT
  remote: git://github.com/colinyoung/rake_running.git
  revision: 12d47fe692ffb8cc4112ec25c6b0a9595123c3c3
  ref: 12d47fe692ffb8cc4112ec25c6b0a9595123c3c3
  specs:
    rake_running (0.0.1)
      rake

GIT
  remote: git://github.com/floomoon/omniauth-mailchimp.git
  revision: 239e08d3297cf637b5b0b77b419fdc8461239378
  ref: 239e08d3297cf637b5b0b77b419fdc8461239378
  specs:
    omniauth-mailchimp (1.0.3)
      omniauth (~> 1.0)
      omniauth-oauth2

GIT
  remote: git://github.com/stefanpenner/country_select.git
  revision: 79755038ca61dafdfebf4c55346d4a2085f98479
  ref: 79755038ca61dafdfebf4c55346d4a2085f98479
  specs:
    country_select (2.1.0)
      countries (~> 0.9, >= 0.9.3)

GEM
  remote: http://rubygems.org/
  specs:
    abanalyzer (0.1.0)
      statistics2 (>= 0.54)
    actionmailer (4.1.5)
      actionpack (= 4.1.5)
      actionview (= 4.1.5)
      mail (~> 2.5.4)
    actionpack (4.1.5)
      actionview (= 4.1.5)
      activesupport (= 4.1.5)
      rack (~> 1.5.2)
      rack-test (~> 0.6.2)
    actionview (4.1.5)
      activesupport (= 4.1.5)
      builder (~> 3.1)
      erubis (~> 2.7.0)
    active_hash (1.4.1)
      activesupport (>= 2.2.2)
    active_link_to (1.0.2)
      actionpack
    active_model_serializers (0.9.3)
      activemodel (>= 3.2)
    active_utils (2.2.3)
      activesupport (>= 2.3.11)
      i18n
    activemerchant (1.44.1)
      active_utils (~> 2.2.0)
      activesupport (>= 3.2.14, < 5.0.0)
      builder (>= 2.1.2, < 4.0.0)
      i18n (>= 0.6.9)
      json (~> 1.7)
      nokogiri (~> 1.4)
      offsite_payments (~> 2.0.0)
    activemodel (4.1.5)
      activesupport (= 4.1.5)
      builder (~> 3.1)
    activerecord (4.1.5)
      activemodel (= 4.1.5)
      activesupport (= 4.1.5)
      arel (~> 5.0.0)
    activesupport (4.1.5)
      i18n (~> 0.6, >= 0.6.9)
      json (~> 1.7, >= 1.7.7)
      minitest (~> 5.1)
      thread_safe (~> 0.1)
      tzinfo (~> 1.1)
    addressable (2.3.8)
    airbrussh (1.1.1)
      sshkit (>= 1.6.1, != 1.7.0)
    arel (5.0.1.20140414130214)
    arrayfields (4.9.2)
    ast (2.2.0)
    astrolabe (1.3.1)
      parser (~> 2.2)
    avatar (0.2.0)
    aweber (1.6.1)
      json
      oauth
    awesome_print (1.2.0)
    aws-sdk (1.66.0)
      aws-sdk-v1 (= 1.66.0)
    aws-sdk-v1 (1.66.0)
      json (~> 1.4)
      nokogiri (>= 1.4.4)
    barber (0.6.0)
      ember-source
      execjs
      handlebars-source (>= 1.0.0.rc.4)
    bcrypt (3.1.7)
    better_errors (1.1.0)
      coderay (>= 1.0.0)
      erubis (>= 2.6.6)
    binding_of_caller (0.7.2)
      debug_inspector (>= 0.0.1)
    bootstrap-sass (3.1.1.1)
      sass (~> 3.2)
    bourbon (3.2.3)
      sass (~> 3.2)
      thor
    brakeman (3.4.1)
    builder (3.2.2)
    byebug (3.2.0)
      columnize (~> 0.8)
      debugger-linecache (~> 1.2)
    cane (2.6.2)
      parallel
    capistrano (3.6.1)
      airbrussh (>= 1.0.0)
      capistrano-harrow
      i18n
      rake (>= 10.0.0)
      sshkit (>= 1.9.0)
    capistrano-bundler (1.1.2)
      capistrano (~> 3.0)
      sshkit (~> 1.2)
    capistrano-harrow (0.5.3)
    capistrano-rails (1.1.1)
      capistrano (~> 3.1)
      capistrano-bundler (~> 1.1)
    capybara (2.7.1)
      addressable
      mime-types (>= 1.16)
      nokogiri (>= 1.3.3)
      rack (>= 1.0.0)
      rack-test (>= 0.5.4)
      xpath (~> 2.0)
    capybara-webkit (1.11.1)
      capybara (>= 2.3.0, < 2.8.0)
      json
    celluloid (0.16.0)
      timers (~> 4.0.0)
    childprocess (0.5.9)
      ffi (~> 1.0, >= 1.0.11)
    chronic (0.10.2)
    chunky_png (1.3.6)
    churn (0.0.35)
      chronic (>= 0.2.3)
      hirb
      json_pure
      main
      rest-client (>= 1.6.0)
      ruby_parser (~> 3.0)
      sexp_processor (~> 4.1)
    climate_control (0.0.3)
      activesupport (>= 3.0)
    cocaine (0.5.7)
      climate_control (>= 0.0.3, < 1.0)
    code_analyzer (0.4.5)
      sexp_processor
    code_metrics (0.1.3)
    coderay (1.1.0)
    coffee-rails (4.0.1)
      coffee-script (>= 2.2.0)
      railties (>= 4.0.0, < 5.0)
    coffee-script (2.2.0)
      coffee-script-source
      execjs
    coffee-script-source (1.7.0)
    colored (1.2)
    columnize (0.9.0)
    constantcontact (1.1.2)
      json (~> 1.8, >= 1.8.1)
      mime-types (~> 1.25, >= 1.25.1)
      rest-client (~> 1.6, >= 1.6.7)
    countries (0.9.3)
      currencies (~> 0.4.2)
    crack (0.4.3)
      safe_yaml (~> 1.0.0)
    createsend (3.4.0)
      hashie (>= 1.2, < 3)
      httparty (~> 0.10)
      json
    css_parser (1.3.6)
      addressable
    cssmin (1.0.3)
    currencies (0.4.2)
    daemons (1.2.3)
    dalli (2.7.2)
    database_cleaner (1.3.0)
    debug_inspector (0.0.2)
    debugger-linecache (1.2.0)
    devise (3.2.4)
      bcrypt (~> 3.0)
      orm_adapter (~> 0.1)
      railties (>= 3.2.6, < 5)
      thread_safe (~> 0.1)
      warden (~> 1.2.3)
    diff-lcs (1.2.5)
    drip-ruby (0.0.3)
      faraday (~> 0.9)
      faraday_middleware (~> 0.9)
      json (~> 1.8)
    elif (0.1.0)
    ember-data-source (1.0.0.beta.14)
      ember-source
    ember-rails (0.16.4)
      active_model_serializers
      barber (>= 0.6.0)
      ember-data-source (>= 1.0.0.beta.5)
      ember-source (>= 1.1.0)
      execjs (>= 1.2)
      handlebars-source (> 1.0.0, < 3)
      jquery-rails (>= 1.0.17)
      railties (>= 3.1)
    ember-source (1.7.1)
      handlebars-source (~> 1.0)
    erubis (2.7.0)
    eventmachine (1.2.0.1)
    excon (0.36.0)
    execjs (2.0.2)
    factory_girl (4.4.0)
      activesupport (>= 3.0.0)
    factory_girl_rails (4.4.1)
      factory_girl (~> 4.4.0)
      railties (>= 3.0.0)
    faker (1.5.0)
      i18n (~> 0.5)
    faraday (0.9.2)
      multipart-post (>= 1.2, < 3)
    faraday_middleware (0.9.1)
      faraday (>= 0.7.4, < 0.10)
    fattr (2.2.2)
    ffi (1.9.14)
    figaro (1.0.0)
      thor (~> 0.14)
    fivemat (1.3.1)
    flay (2.5.0)
      ruby_parser (~> 3.0)
      sexp_processor (~> 4.0)
    flog (4.2.1)
      ruby_parser (~> 3.1, > 3.1.0)
      sexp_processor (~> 4.4)
    fog (1.22.1)
      fog-brightbox
      fog-core (~> 1.22)
      fog-json
      ipaddress (~> 0.5)
      nokogiri (~> 1.5, >= 1.5.11)
    fog-brightbox (0.0.2)
      fog-core
      fog-json
    fog-core (1.22.0)
      builder
      excon (~> 0.33)
      formatador (~> 0.2)
      mime-types
      net-scp (~> 1.1)
      net-ssh (>= 2.1.3)
    fog-json (1.0.0)
      multi_json (~> 1.0)
    fontcustom (1.3.8)
      json (~> 1.4)
      listen (>= 1.0, < 3.0)
      thor (~> 0.14)
    formatador (0.2.5)
    gibbon (2.2.4)
      faraday (>= 0.9.1)
      multi_json (>= 1.11.0)
    google-api-client (0.9.8)
      addressable (~> 2.3)
      googleauth (~> 0.5)
      httpclient (~> 2.7)
      hurley (~> 0.1)
      memoist (~> 0.11)
      mime-types (>= 1.6)
      representable (~> 2.3.0)
      retriable (~> 2.0)
      thor (~> 0.19)
    googleauth (0.5.1)
      faraday (~> 0.9)
      jwt (~> 1.4)
      logging (~> 2.0)
      memoist (~> 0.12)
      multi_json (~> 1.11)
      os (~> 0.9)
      signet (~> 0.7)
    handlebars-source (1.3.0)
    hashie (2.1.1)
    hike (1.2.3)
    hirb (0.7.2)
    hitimes (1.2.4)
    hound-tools (0.0.6)
      rubocop (~> 0.25)
      thor
    httparty (0.14.0)
      multi_xml (>= 0.5.2)
    httpclient (2.8.0)
    hurley (0.2)
    i18n (0.7.0.beta1)
    infusionsoft (1.1.9)
    ipaddress (0.8.0)
    jbuilder (2.0.7)
      activesupport (>= 3.0.0, < 5)
      multi_json (~> 1.2)
    jquery-rails (3.1.0)
      railties (>= 3.0, < 5.0)
      thor (>= 0.14, < 2.0)
    json (1.8.3)
    json_pure (1.8.1)
    jwt (1.5.4)
    kaminari (0.15.1)
      actionpack (>= 3.0.0)
      activesupport (>= 3.0.0)
    launchy (2.4.2)
      addressable (~> 2.3)
    less_interactions (0.0.15)
    listen (2.10.1)
      celluloid (~> 0.16.0)
      rb-fsevent (>= 0.9.3)
      rb-inotify (>= 0.9)
    little-plugger (1.1.4)
    logging (2.1.0)
      little-plugger (~> 1.1)
      multi_json (~> 1.10)
    logglier (0.2.11)
    loofah (2.0.3)
      nokogiri (>= 1.5.9)
    madmimi (1.1.2)
      activesupport (> 3.0.0)
      crack (> 0.1.7)
      httparty (>= 0.13.1)
    mail (2.5.4)
      mime-types (~> 1.16)
      treetop (~> 1.4.8)
    main (6.0.0)
      arrayfields (>= 4.7.4)
      chronic (>= 0.6.2)
      fattr (>= 2.2.0)
      map (>= 5.1.0)
    map (6.5.4)
    memoist (0.14.0)
    method_source (0.8.2)
    metric_fu (4.11.1)
      cane (~> 2.5, >= 2.5.2)
      churn (~> 0.0.35)
      code_metrics (~> 0.1)
      coderay
      flay (~> 2.1, >= 2.0.1)
      flog (~> 4.1, >= 4.1.1)
      launchy (~> 2.0)
      metric_fu-Saikuro (~> 1.1, >= 1.1.3)
      multi_json
      rails_best_practices (~> 1.14, >= 1.14.3)
      redcard
      reek (~> 1.3, >= 1.3.4)
      roodi (~> 3.1)
    metric_fu-Saikuro (1.1.3)
    mime-types (1.25.1)
    mimemagic (0.3.0)
    mini_portile2 (2.1.0)
    minitest (5.10.1)
    money (6.3.0)
      i18n (>= 0.6.4, <= 0.7.0.dev)
    multi_json (1.11.2)
    multi_xml (0.5.5)
    multipart-post (2.0.0)
    mustache (0.99.5)
    mysql2 (0.3.21)
    net-scp (1.2.1)
      net-ssh (>= 2.6.5)
    net-ssh (3.2.0)
    nokogiri (1.6.8.1)
      mini_portile2 (~> 2.1.0)
    oauth (0.4.7)
    oauth2 (1.0.0)
      faraday (>= 0.8, < 0.10)
      jwt (~> 1.0)
      multi_json (~> 1.3)
      multi_xml (~> 0.5)
      rack (~> 1.2)
    offsite_payments (2.0.1)
      active_utils (~> 2.2.0)
      activesupport (>= 3.2.14, < 5.0.0)
      builder (>= 2.1.2, < 4.0.0)
      i18n (~> 0.5)
      json (~> 1.7)
      money (< 7.0.0)
      nokogiri (~> 1.4)
    omniauth (1.2.2)
      hashie (>= 1.2, < 4)
      rack (~> 1.0)
    omniauth-aweber (1.0.0)
      omniauth-oauth (~> 1.0)
    omniauth-constantcontact2 (1.0.4)
      multi_json (~> 1.0)
      multi_xml
      omniauth (~> 1.0)
      omniauth-oauth2 (~> 1.0)
    omniauth-createsend (1.0.2)
      omniauth-oauth2 (~> 1.1)
    omniauth-google-oauth2 (0.2.6)
      omniauth (> 1.0)
      omniauth-oauth2 (~> 1.1)
    omniauth-oauth (1.0.1)
      oauth
      omniauth (~> 1.0)
    omniauth-oauth2 (1.2.0)
      faraday (>= 0.8, < 0.10)
      multi_json (~> 1.3)
      oauth2 (~> 1.0)
      omniauth (~> 1.2)
    omniauth-verticalresponse (1.0.0)
      omniauth-oauth (~> 1.0)
    orm_adapter (0.5.0)
    os (0.9.6)
    paperclip (4.3.1)
      activemodel (>= 3.2.0)
      activesupport (>= 3.2.0)
      cocaine (~> 0.5.5)
      mime-types
      mimemagic (= 0.3.0)
    parallel (1.0.0)
    paranoia (2.0.2)
      activerecord (~> 4.0)
    parser (2.3.0.7)
      ast (~> 2.2)
    phantomjs (2.1.1.0)
    php-serialize (1.1.0)
    phpass-ruby (0.1.2)
    polyglot (0.3.5)
    pony (1.8)
      mail (>= 2.0)
    powerpack (0.1.1)
    pry (0.9.12.6)
      coderay (~> 1.0)
      method_source (~> 0.8)
      slop (~> 3.4)
    pry-nav (0.2.4)
      pry (>= 0.9.10, < 0.11.0)
    psych (2.0.5)
    public_suffix (1.5.1)
    rack (1.5.5)
    rack-protection (1.5.3)
      rack
    rack-ssl-enforcer (0.2.8)
    rack-test (0.6.3)
      rack (>= 1.0)
    rails (4.1.5)
      actionmailer (= 4.1.5)
      actionpack (= 4.1.5)
      actionview (= 4.1.5)
      activemodel (= 4.1.5)
      activerecord (= 4.1.5)
      activesupport (= 4.1.5)
      bundler (>= 1.3.0, < 2.0)
      railties (= 4.1.5)
      sprockets-rails (~> 2.0)
    rails-html-sanitizer (1.0.3)
      loofah (~> 2.0)
    rails_best_practices (1.15.4)
      activesupport
      awesome_print
      code_analyzer (>= 0.4.3)
      colored
      erubis
      i18n
      json
      require_all
      ruby-progressbar
    railties (4.1.5)
      actionpack (= 4.1.5)
      activesupport (= 4.1.5)
      rake (>= 0.8.7)
      thor (>= 0.18.1, < 2.0)
    rainbow (2.0.0)
    rake (10.3.2)
    rb-fsevent (0.9.7)
    rb-inotify (0.9.7)
      ffi (>= 0.5.0)
    rb-readline (0.5.1)
    recaptcha (0.3.6)
    redcard (1.1.0)
    reek (1.3.7)
      rainbow
      ruby2ruby (~> 2.0.8)
      ruby_parser (~> 3.3)
      sexp_processor
    render_anywhere (0.0.9)
      rails (>= 3.0.7)
    representable (2.3.0)
      uber (~> 0.0.7)
    require_all (1.3.2)
    rest-client (1.6.7)
      mime-types (>= 1.16)
    retriable (2.1.0)
    roadie (3.0.4)
      css_parser (~> 1.3.4)
      nokogiri (~> 1.6.0)
    roadie-rails (1.0.5)
      railties (>= 3.0, < 4.3)
      roadie (~> 3.0)
    roodi (3.3.1)
      ruby_parser (~> 3.2, >= 3.2.2)
    rotp (3.1.0)
    rqrcode (0.10.1)
      chunky_png (~> 1.0)
    rspec-core (2.14.8)
    rspec-expectations (2.14.5)
      diff-lcs (>= 1.1.3, < 2.0)
    rspec-mocks (2.14.6)
    rspec-rails (2.14.2)
      actionpack (>= 3.0)
      activemodel (>= 3.0)
      activesupport (>= 3.0)
      railties (>= 3.0)
      rspec-core (~> 2.14.0)
      rspec-expectations (~> 2.14.0)
      rspec-mocks (~> 2.14.0)
    rspec_junit_formatter (0.2.3)
      builder (< 4)
      rspec-core (>= 2, < 4, != 2.12.0)
    rubocop (0.34.2)
      astrolabe (~> 1.3)
      parser (>= 2.2.2.5, < 3.0)
      powerpack (~> 0.1)
      rainbow (>= 1.99.1, < 3.0)
      ruby-progressbar (~> 1.4)
    ruby-hmac (0.4.0)
    ruby-progressbar (1.5.1)
    ruby2ruby (2.0.8)
      ruby_parser (~> 3.1)
      sexp_processor (~> 4.0)
    ruby_parser (3.6.1)
      sexp_processor (~> 4.1)
    rubyzip (1.2.0)
    safe_yaml (1.0.3)
    sass (3.2.19)
    sass-rails (4.0.3)
      railties (>= 4.0.0, < 5.0)
      sass (~> 3.2.0)
      sprockets (~> 2.8, <= 2.11.0)
      sprockets-rails (~> 2.0)
    selenium-webdriver (2.53.4)
      childprocess (~> 0.5)
      rubyzip (~> 1.0)
      websocket (~> 1.0)
    sentry-raven (0.9.4)
      faraday (>= 0.7.6)
      hashie (>= 1.1.0)
      uuidtools
    sexp_processor (4.4.3)
    signet (0.7.2)
      addressable (~> 2.3)
      faraday (~> 0.9)
      jwt (~> 1.5)
      multi_json (~> 1.10)
    simple_form (3.1.0.rc1)
      actionpack (~> 4.0)
      activemodel (~> 4.0)
    simplecov (0.7.1)
      multi_json (~> 1.0)
      simplecov-html (~> 0.7.1)
    simplecov-html (0.7.1)
    sinatra (1.4.5)
      rack (~> 1.4)
      rack-protection (~> 1.4)
      tilt (~> 1.3, >= 1.3.4)
    slackistrano (3.1.0)
      capistrano (>= 3.5.0)
    slim (2.1.0)
      temple (~> 0.6.9)
      tilt (>= 1.3.3, < 2.1)
    slim-rails (2.1.4)
      actionpack (>= 3.0, < 4.2)
      activesupport (>= 3.0, < 4.2)
      railties (>= 3.0, < 4.2)
      slim (~> 2.0)
    slop (3.5.0)
    sprockets (2.8.0)
      hike (~> 1.2)
      multi_json (~> 1.0)
      rack (~> 1.0)
      tilt (~> 1.1, != 1.3.0)
    sprockets-rails (2.1.3)
      actionpack (>= 3.0)
      activesupport (>= 3.0)
      sprockets (~> 2.8)
    sshkit (1.11.4)
      net-scp (>= 1.1.2)
      net-ssh (>= 2.8.0)
    statistics2 (0.54)
    teaspoon (1.1.1)
      railties (>= 3.2.5, < 5)
    teaspoon-jasmine (2.3.4)
      teaspoon (>= 1.0.0)
    temple (0.6.10)
    thin (1.6.4)
      daemons (~> 1.0, >= 1.0.9)
      eventmachine (~> 1.0, >= 1.0.4)
      rack (~> 1.0)
    thor (0.19.1)
    thread (0.2.2)
    thread_safe (0.3.5)
    tilt (1.4.1)
    timecop (0.7.1)
    timers (4.0.4)
      hitimes
    treetop (1.4.15)
      polyglot
      polyglot (>= 0.3.1)
    twilio-ruby (3.11.5)
      builder (>= 2.1.2)
      jwt (>= 0.1.2)
      multi_json (>= 1.3.0)
    tzinfo (1.2.2)
      thread_safe (~> 0.1)
    uber (0.0.15)
    uglifier (2.0.1)
      execjs (>= 0.3.0)
      multi_json (~> 1.0, >= 1.0.2)
    unf (0.1.4)
      unf_ext
    unf_ext (0.0.6)
    uuidtools (2.1.5)
    vcr (2.9.0)
    verticalresponse (0.1.6)
    warden (1.2.3)
      rack (>= 1.0)
    webmock (1.18.0)
      addressable (>= 2.3.6)
      crack (>= 0.3.2)
    websocket (1.2.3)
    whenever (0.9.2)
      activesupport (>= 2.3.4)
      chronic (>= 0.6.3)
    xpath (2.0.0)
      nokogiri (~> 1.3)
    zip-zip (0.3)
      rubyzip (>= 1.0.0)

PLATFORMS
  ruby

DEPENDENCIES
  abanalyzer
  active_hash
  active_link_to (~> 1.0.2)
  active_model_serializers (~> 0.9.3)
  activemerchant (~> 1.44.1)
  addressable (~> 2.3.6)
  avatar (~> 0.2.0)
  aweber (~> 1.6.1)
  aws-sdk (~> 1.66.0)
  better_errors (~> 1.1)
  binding_of_caller
  bootstrap-sass (~> 3.1.1)
  bourbon (~> 3.2.0)
  brakeman
  byebug
  capistrano (~> 3.6.1)
  capistrano-bundler (~> 1.1.2)
  capistrano-rails (~> 1.1)
  capybara
  capybara-webkit (~> 1.11.1)
  coffee-rails (~> 4.0.0)
  constantcontact (~> 1.1.2)
  countries (= 0.9.3)
  country_select!
  createsend (~> 3.4.0)
  cssmin (~> 1.0.3)
  dalli (~> 2.7.2)
  database_cleaner (~> 1.3)
  devise (~> 3.2.4)
  drip-ruby (~> 0.0.3)
  elif (~> 0.1)
  ember-rails (~> 0.16.4)
  ember-source (~> 1.7.1)
  factory_girl_rails
  faker
  figaro (~> 1.0.0)
  fivemat
  fog (~> 1.22.1)
  fontcustom (~> 1.3.8)
  gibbon (~> 2.2.4)
  google-api-client (= 0.9.8)
  hashie (~> 2.1.1)
  hound-tools (~> 0.0.4)
  infusionsoft
  jbuilder (~> 2.0)
  jquery-rails (~> 3.1.0)
  jwt (~> 1.5.0)
  kaminari (~> 0.15.1)
  less_interactions (= 0.0.15)
  logglier
  madmimi
  metric_fu
  minitest
  mustache (~> 0.99.5)
  mysql2 (~> 0.3.18)
  nokogiri (~> 1.6.7)
  omniauth (~> 1.0)
  omniauth-aweber (~> 1.0)
  omniauth-constantcontact2 (~> 1.0)
  omniauth-createsend (~> 1.0)
  omniauth-google-oauth2 (~> 0.2.6)
  omniauth-mailchimp!
  omniauth-verticalresponse (~> 1.0.0)
  paperclip (~> 4.3)
  paranoia (~> 2.0)
  phantomjs
  php-serialize
  phpass-ruby
  pony (~> 1.8)
  pry
  pry-nav
  psych (~> 2.0.5)
  public_suffix (~> 1.5.1)
  rack-ssl-enforcer (~> 0.2.8)
  rails (= 4.1.5)
  rails-html-sanitizer
  rake (= 10.3.2)
  rake_running!
  rb-readline (~> 0.5.1)
  recaptcha (~> 0.3.6)
  render_anywhere (~> 0.0.9)
  roadie-rails
  rotp
  rqrcode
  rspec-rails (~> 2.14)
  rspec_junit_formatter
  rubocop (~> 0.34.2)
  ruby-hmac
  rubyzip (>= 1.0.0)
  sass-rails (~> 4.0.3)
  selenium-webdriver (~> 2.53.4)
  sentry-raven (~> 0.9)
  signet (~> 0.7.0)
  simple_form (= 3.1.0.rc1)
  simplecov (~> 0.7.1)
  sinatra
  slackistrano
  slim-rails (~> 2.1.4)
  teaspoon-jasmine
  thin (~> 1.6.4)
  thread (~> 0.2.2)
  timecop
  twilio-ruby (~> 3.11.5)
  tzinfo-data
  uglifier (= 2.0.1)
  unf (~> 0.1.4)
  vcr
  verticalresponse (~> 0.1.6)
  webmock
  whenever (~> 0.9.2)
  zip-zip

BUNDLED WITH
   1.13.6
